GEM
  remote: http://rubygems.org/
  specs:
    cancan (1.6.5)
    git (1.2.5)
    haml (3.1.2)
    jeweler (1.5.2)
      bundler (~> 1.0.0)
      git (>= 1.2.5)
      rake
    rake (0.9.2)
    rcov (0.9.9)
    redcarpet (1.17.2)
    shoulda (2.11.3)

PLATFORMS
  ruby

DEPENDENCIES
  bundler (~> 1.0.0)
  cancan
  haml
  jeweler (~> 1.5.2)
  rcov
  redcarpet
  shoulda
